GEM
  remote: https://rubygems.org/
  specs:
    diff-lcs (1.2.4)
    kwalify (0.7.2)
    net-ssh (2.6.7)
    rake (10.0.4)
    rspec (2.13.0)
      rspec-core (~> 2.13.0)
      rspec-expectations (~> 2.13.0)
      rspec-mocks (~> 2.13.0)
    rspec-core (2.13.1)
    rspec-expectations (2.13.0)
      diff-lcs (>= 1.1.3, < 2.0)
    rspec-mocks (2.13.1)
    rspec-system (1.0.0)
      kwalify
      net-ssh (~> 2.6)
      rspec
      systemu
    rspec-system-puppet (1.0.2)
      rspec-system (~> 1.0)
    systemu (2.5.2)

PLATFORMS
  ruby

DEPENDENCIES
  rake
  rspec
  rspec-system (~> 1.0.0)
  rspec-system-puppet (~> 1.0.2)
